GEM
  specs:
    minitest (5.15.0)
    openssl (3.0.0)

PLATFORMS
  arm64-darwin-21

DEPENDENCIES
  minitest
  openssl

BUNDLED WITH
   2.3.6
